PATH
  remote: .
  specs:
    mongo_mapper (0.8.6.2)
      activesupport (>= 2.3.4)
      jnunemaker-validatable (~> 1.8.4)
      plucky (~> 0.3.6)

GEM
  specs:
    activemodel (3.0.2)
      activesupport (= 3.0.2)
      builder (~> 2.1.2)
      i18n (~> 0.4.1)
    activesupport (3.0.2)
    bson (1.1.2)
    bson_ext (1.1)
    builder (2.1.2)
    i18n (0.4.1)
    jnunemaker-matchy (0.4.0)
    jnunemaker-validatable (1.8.4)
      activesupport (>= 2.3.4)
    json (1.4.6)
    log_buddy (0.5.0)
    mocha (0.9.9)
      rake
    mongo (1.1.2)
      bson (>= 1.1.1)
    plucky (0.3.6)
      mongo (~> 1.1)
    rake (0.8.7)
    shoulda (2.11.3)
    timecop (0.3.5)
    tzinfo (0.3.23)

PLATFORMS
  ruby

DEPENDENCIES
  activemodel
  activesupport (>= 2.3.4)
  bson_ext (~> 1.1)
  i18n
  jnunemaker-matchy (~> 0.4.0)
  jnunemaker-validatable (~> 1.8.4)
  json
  log_buddy
  mocha (~> 0.9.8)
  mongo_mapper!
  plucky (~> 0.3.6)
  shoulda (~> 2.11)
  timecop (~> 0.3.1)
  tzinfo
